GEM
  remote: https://rubygems.org/
  specs:
    thor (1.1.0)

PLATFORMS
  x86_64-darwin-19

DEPENDENCIES
  thor

BUNDLED WITH
   2.2.4
